GIT
  remote: git://github.com/nathanaeljones/hardwired.git
  revision: 39835d68f14d42a9e72f37468ef36517f7d9abb1
  specs:
    hardwired (0.1)
      nokogiri
      sinatra (>= 1.3.3)
      sinatra-contrib
      tilt

GEM
  remote: http://rubygems.org/
  specs:
    POpen4 (0.1.4)
      Platform (>= 0.4.0)
      open4
    Platform (0.4.0)
    RedCloth (4.2.9)
    backports (2.6.5)
    columnize (0.3.6)
    commonjs (0.2.6)
    daemons (1.1.9)
    debugger (1.2.2)
      columnize (>= 0.3.1)
      debugger-linecache (~> 1.1.1)
      debugger-ruby_core_source (~> 1.1.5)
    debugger-linecache (1.1.2)
      debugger-ruby_core_source (>= 1.1.1)
    debugger-ruby_core_source (1.1.5)
    erubis (2.7.0)
    eventmachine (1.0.0)
    haml (3.1.7)
    haml2slim (0.4.6)
      haml (>= 3.0)
      nokogiri
      ruby_parser
    less (2.2.2)
      commonjs (~> 0.2.6)
    libv8 (3.3.10.4)
    listen (0.5.3)
    nokogiri (1.5.5)
    open4 (1.3.0)
    rack (1.4.1)
    rack-cache (1.2)
      rack (>= 0.4)
    rack-protection (1.2.0)
      rack
    rack-test (0.6.2)
      rack (>= 1.0)
    rdiscount (1.6.8)
    rerun (0.7.1)
      listen
    ruby_parser (3.0.1)
      sexp_processor (~> 4.1)
    sass (3.2.3)
    sexp_processor (4.1.2)
    sinatra (1.3.3)
      rack (~> 1.3, >= 1.3.6)
      rack-protection (~> 1.2)
      tilt (~> 1.3, >= 1.3.3)
    sinatra-contrib (1.3.2)
      backports (>= 2.0)
      eventmachine
      rack-protection
      rack-test
      sinatra (~> 1.3.0)
      tilt (~> 1.3)
    slim (1.3.4)
      temple (~> 0.5.5)
      tilt (~> 1.3.3)
    temple (0.5.5)
    therubyracer (0.10.2)
      libv8 (~> 3.3.10)
    thin (1.5.0)
      daemons (>= 1.0.9)
      eventmachine (>= 0.12.6)
      rack (>= 1.0.0)
    tilt (1.3.3)
    yui-compressor (0.9.6)
      POpen4 (>= 0.1.4)

PLATFORMS
  ruby

DEPENDENCIES
  RedCloth
  debugger
  erubis
  haml
  haml2slim
  hardwired!
  less
  rack-cache
  rdiscount
  rerun
  sass
  slim
  therubyracer
  thin
  yui-compressor
