GIT
  remote: git://github.com/nathanaeljones/hardwired.git
  revision: bce690f9425006d3b7bbebc61e521f671b5be5e8
  specs:
    hardwired (0.3.2)
      nokogiri
      sinatra (>= 1.3.3)
      tilt

GEM
  remote: http://rubygems.org/
  specs:
    columnize (0.3.6)
    commonjs (0.2.6)
    daemons (1.1.9)
    debugger (1.3.0)
      columnize (>= 0.3.1)
      debugger-linecache (~> 1.1.1)
      debugger-ruby_core_source (~> 1.1.7)
    debugger-linecache (1.1.2)
      debugger-ruby_core_source (>= 1.1.1)
    debugger-ruby_core_source (1.1.7)
    eventmachine (1.0.0)
    less (2.2.2)
      commonjs (~> 0.2.6)
    libv8 (3.11.8.13)
    listen (0.7.2)
    nokogiri (1.5.6)
    rack (1.5.1)
    rack-cache (1.2)
      rack (>= 0.4)
    rack-protection (1.3.2)
      rack
    rb-fsevent (0.9.3)
    rdiscount (1.6.8)
    ref (1.0.2)
    rerun (0.7.1)
      listen
    sinatra (1.3.4)
      rack (~> 1.4)
      rack-protection (~> 1.3)
      tilt (~> 1.3, >= 1.3.3)
    slim (1.3.6)
      temple (~> 0.5.5)
      tilt (~> 1.3.3)
    temple (0.5.5)
    therubyracer (0.11.3)
      libv8 (~> 3.11.8.12)
      ref
    thin (1.5.0)
      daemons (>= 1.0.9)
      eventmachine (>= 0.12.6)
      rack (>= 1.0.0)
    tilt (1.3.3)

PLATFORMS
  ruby

DEPENDENCIES
  debugger
  hardwired!
  less
  rack-cache
  rb-fsevent
  rdiscount
  rerun
  slim
  therubyracer
  thin
