GIT
  remote: git://github.com/nathanaeljones/hardwired.git
  revision: 469718b6f3acccc4b9f96d3d2d651b580907898b
  specs:
    hardwired (0.2)
      nokogiri
      sinatra (>= 1.3.3)
      sinatra-contrib
      tilt

GEM
  remote: http://rubygems.org/
  specs:
    backports (2.6.7)
    columnize (0.3.6)
    commonjs (0.2.6)
    daemons (1.1.9)
    debugger (1.2.3)
      columnize (>= 0.3.1)
      debugger-linecache (~> 1.1.1)
      debugger-ruby_core_source (~> 1.1.5)
    debugger-linecache (1.1.2)
      debugger-ruby_core_source (>= 1.1.1)
    debugger-ruby_core_source (1.1.6)
    eventmachine (1.0.0)
    less (2.2.2)
      commonjs (~> 0.2.6)
    libv8 (3.11.8.13)
    listen (0.7.2)
    nokogiri (1.5.6)
    rack (1.4.4)
    rack-cache (1.2)
      rack (>= 0.4)
    rack-protection (1.3.2)
      rack
    rack-test (0.6.2)
      rack (>= 1.0)
    rdiscount (1.6.8)
    ref (1.0.2)
    rerun (0.7.1)
      listen
    sinatra (1.3.3)
      rack (~> 1.3, >= 1.3.6)
      rack-protection (~> 1.2)
      tilt (~> 1.3, >= 1.3.3)
    sinatra-contrib (1.3.2)
      backports (>= 2.0)
      eventmachine
      rack-protection
      rack-test
      sinatra (~> 1.3.0)
      tilt (~> 1.3)
    slim (1.3.6)
      temple (~> 0.5.5)
      tilt (~> 1.3.3)
    temple (0.5.5)
    therubyracer (0.11.3)
      libv8 (~> 3.11.8.12)
      ref
    thin (1.5.0)
      daemons (>= 1.0.9)
      eventmachine (>= 0.12.6)
      rack (>= 1.0.0)
    tilt (1.3.3)

PLATFORMS
  ruby

DEPENDENCIES
  debugger
  hardwired!
  less
  rack-cache
  rdiscount
  rerun
  slim
  therubyracer
  thin
