PATH
  remote: ../nesta
  specs:
    nesta (0.9.11)
      RedCloth (~> 4.2)
      haml (~> 3.1)
      rdiscount (~> 1.6)
      sass (~> 3.1)
      shotgun (>= 0.8)
      sinatra (= 1.2.6)

PATH
  remote: ../nesta-plugin-aliases
  specs:
    nesta-plugin-aliases (0.0.3)
      nesta (>= 0.9.11)

PATH
  remote: ../nesta-plugin-simplicity
  specs:
    nesta-plugin-simplicity (0.0.1)
      nesta (>= 0.9.11)

PATH
  remote: ../nesta-plugin-tags
  specs:
    nesta-plugin-tags (0.0.2)
      nesta (>= 0.9.11)

PATH
  remote: ../nesta-plugin-wordpress
  specs:
    nesta-plugin-wordpress (0.0.5)
      nesta (>= 0.9.11)

GEM
  remote: http://rubygems.org/
  specs:
    RedCloth (4.2.9)
    erubis (2.7.0)
    haml (3.1.4)
    haml-edge (3.1.79)
    rack (1.4.1)
    rdiscount (1.6.8)
    sass (3.1.15)
    shotgun (0.9)
      rack (>= 1.0)
    sinatra (1.2.6)
      rack (~> 1.1)
      tilt (>= 1.2.2, < 2.0)
    tilt (1.3.3)

PLATFORMS
  ruby

DEPENDENCIES
  erubis
  haml-edge
  nesta!
  nesta-plugin-aliases!
  nesta-plugin-simplicity!
  nesta-plugin-tags!
  nesta-plugin-wordpress!
